GEM
  remote: https://rubygems.org/
  specs:
    celluloid (0.15.2)
      timers (~> 1.1.0)
    dotenv (0.8.0)
    git (1.2.6)
    git-ssh-wrapper (0.2.0)
    rack (1.5.2)
    rack-protection (1.5.0)
      rack
    sinatra (1.4.3)
      rack (~> 1.4)
      rack-protection (~> 1.4)
      tilt (~> 1.3, >= 1.3.4)
    sucker_punch (1.0.2)
      celluloid (~> 0.15.1)
    tilt (1.4.1)
    timers (1.1.0)

PLATFORMS
  ruby

DEPENDENCIES
  dotenv
  git
  git-ssh-wrapper
  sinatra
  sucker_punch (~> 1.0)
